GEM
  remote: https://rubygems.org/
  specs:
    minitest (5.6.1)
    stringex (2.5.2)

PLATFORMS
  ruby

DEPENDENCIES
  minitest (~> 5.6.0)
  stringex (~> 2.5.2)

BUNDLED WITH
   1.14.3
